GEM
  remote: http://rubygems.org/
  specs:
    POpen4 (0.1.4)
      Platform (>= 0.4.0)
      open4
    Platform (0.4.0)
    addressable (2.2.8)
    coffee-script (2.2.0)
      coffee-script-source
      execjs
    coffee-script-source (1.3.1)
    commonjs (0.2.6)
    execjs (1.3.1)
      multi_json (~> 1.0)
    foreman (0.46.0)
      thor (>= 0.13.6)
    haml (3.1.4)
    heroku (2.25.0)
      launchy (>= 0.3.2)
      netrc (~> 0.7.1)
      rest-client (~> 1.6.1)
      rubyzip
    hike (1.2.1)
    kgio (2.7.4)
    launchy (2.1.0)
      addressable (~> 2.2.6)
    less (2.2.1)
      commonjs (~> 0.2.6)
    libv8 (3.3.10.4)
    mime-types (1.18)
    multi_json (1.3.4)
    netrc (0.7.1)
    open4 (1.3.0)
    rack (1.4.1)
    rack-protection (1.2.0)
      rack
    raindrops (0.8.0)
    rest-client (1.6.7)
      mime-types (>= 1.16)
    rubyzip (0.9.8)
    sinatra (1.3.2)
      rack (~> 1.3, >= 1.3.6)
      rack-protection (~> 1.2)
      tilt (~> 1.3, >= 1.3.3)
    sinatra-backbone (0.1.0.rc2)
      sinatra
    sprockets (2.4.1)
      hike (~> 1.2)
      multi_json (~> 1.0)
      rack (~> 1.0)
      tilt (~> 1.1, != 1.3.0)
    therubyracer (0.10.1)
      libv8 (~> 3.3.10)
    thor (0.15.0)
    tilt (1.3.3)
    unicorn (4.3.1)
      kgio (~> 2.6)
      rack
      raindrops (~> 0.7)
    yui-compressor (0.9.6)
      POpen4 (>= 0.1.4)

PLATFORMS
  ruby

DEPENDENCIES
  coffee-script
  foreman
  haml
  heroku
  less
  sinatra
  sinatra-backbone
  sprockets
  therubyracer
  unicorn
  yui-compressor
